GEM
  remote: http://rubygems.org/
  specs:
    columnize (0.3.4)
    linecache (0.46)
      rbx-require-relative (> 0.0.4)
    rack (1.3.3)
    rbx-require-relative (0.0.5)
    ruby-debug (0.10.4)
      columnize (>= 0.1)
      ruby-debug-base (~> 0.10.4.0)
    ruby-debug-base (0.10.4)
      linecache (>= 0.3)
    sequel (3.27.0)
    sinatra (1.2.6)
      rack (~> 1.1)
      tilt (>= 1.2.2, < 2.0)
    sqlite3 (1.3.4)
    tilt (1.3.3)

PLATFORMS
  ruby

DEPENDENCIES
  ruby-debug
  sequel
  sinatra
  sqlite3
